GEM
  remote: https://rubygems.org/
  specs:
    diff-lcs (1.5.0)
    mixlib-shellout (2.0.1)
    rake (13.1.0)
    rspec (3.11.0)
      rspec-core (~> 3.11.0)
      rspec-expectations (~> 3.11.0)
      rspec-mocks (~> 3.11.0)
    rspec-core (3.11.0)
      rspec-support (~> 3.11.0)
    rspec-expectations (3.11.1)
      diff-lcs (>= 1.2.0, < 2.0)
      rspec-support (~> 3.11.0)
    rspec-mocks (3.11.2)
      diff-lcs (>= 1.2.0, < 2.0)
      rspec-support (~> 3.11.0)
    rspec-support (3.11.1)
    rspec_junit_formatter (0.5.1)
      rspec-core (>= 2, < 4, != 2.12.0)

PLATFORMS
  ruby

DEPENDENCIES
  mixlib-shellout (= 2.0.1)
  rake
  rspec (= 3.11.0)
  rspec_junit_formatter (= 0.5.1)

BUNDLED WITH
   2.3.9
